GEM
  specs:
    cells (4.0.2)
      tilt (>= 1.4, < 3)
      uber (~> 0.0.9)
    cells-erb (0.0.6)
      cells (~> 4.0.0.beta6)
      erbse (>= 0.0.2)
    erbse (0.0.2)
    tilt (2.0.1)
    uber (0.0.13)

PLATFORMS
  ruby

DEPENDENCIES
  cells
  cells-erb
